GEM
  remote: https://rubygems.org/
  specs:
    activesupport (3.2.8)
      i18n (~> 0.6)
      multi_json (~> 1.0)
    git (1.2.8)
    i18n (0.6.1)
    multi_json (1.6.1)

PLATFORMS
  ruby

DEPENDENCIES
  activesupport
  git
